GIT
  remote: git@github.com:sherbet/cellophane.git
  revision: 46c8383822ac9b1c357719ac3b84c908ff2ec9ba
  branch: convert_gem
  specs:
    cellophane (0.0.1)

GIT
  remote: git@github.com:sherbet/pickle.git
  revision: a26cb389907a541d059605f13d66c8a248ac296b
  branch: edan-find-named-model
  specs:
    pickle (0.4.11)
      cucumber (>= 0.8)
      rake

GIT
  remote: git@github.com:sherbet/vertex.git
  revision: 8a282e3f546a8720d3c32c5f267c6a3a1a46a139
  branch: release/1.0.4
  specs:
    vertex (1.0.0)
      savon (~> 2.2.0)

GIT
  remote: git@github.com:wildchild/radius-client.git
  revision: 7c7992c146f8852706daf8e4d04fa7fdffef7971
  specs:
    radius-client (0.0.0)

GIT
  remote: https://github.com/adamfortuna/avalara
  revision: dc64821707a40bb2d849b0063da0aec20a969b25
  specs:
    avalara (0.0.3)
      hashie
      httparty
      multi_json

GEM
  remote: http://rubygems.org/
  specs:
    aasm (3.2.0)
    actionmailer (3.2.19)
      actionpack (= 3.2.19)
      mail (~> 2.5.4)
    actionpack (3.2.19)
      activemodel (= 3.2.19)
      activesupport (= 3.2.19)
      builder (~> 3.0.0)
      erubis (~> 2.7.0)
      journey (~> 1.0.4)
      rack (~> 1.4.5)
      rack-cache (~> 1.2)
      rack-test (~> 0.6.1)
      sprockets (~> 2.2.1)
    activemodel (3.2.19)
      activesupport (= 3.2.19)
      builder (~> 3.0.0)
    activerecord (3.2.19)
      activemodel (= 3.2.19)
      activesupport (= 3.2.19)
      arel (~> 3.0.2)
      tzinfo (~> 0.3.29)
    activeresource (3.2.19)
      activemodel (= 3.2.19)
      activesupport (= 3.2.19)
    activesupport (3.2.19)
      i18n (~> 0.6, >= 0.6.4)
      multi_json (~> 1.0)
    acts_as_list (0.1.4)
    addressable (2.3.6)
    akami (1.2.2)
      gyoku (>= 0.4.0)
      nokogiri
    annotate (2.6.5)
      activerecord (>= 2.3.0)
      rake (>= 0.8.7)
    ar_mailer_rails3 (2.1.12)
    arel (3.0.3)
    ast (2.0.0)
    axiom-types (0.1.1)
      descendants_tracker (~> 0.0.4)
      ice_nine (~> 0.11.0)
      thread_safe (~> 0.3, >= 0.3.1)
    barby (0.6.2)
    bluepill (0.0.60)
      activesupport (>= 3.0.0)
      daemons (~> 1.1.4, <= 1.1.6)
      i18n (>= 0.5.0)
      state_machine (~> 1.1.0)
    builder (3.0.4)
    bullet (4.13.1)
      activesupport (>= 3.0.0)
      uniform_notifier (>= 1.6.0)
    capistrano (3.2.1)
      i18n
      rake (>= 10.0.0)
      sshkit (~> 1.3)
    capistrano-bundler (1.1.3)
      capistrano (~> 3.1)
      sshkit (~> 1.2)
    capistrano-rails (1.1.1)
      capistrano (~> 3.1)
      capistrano-bundler (~> 1.1)
    capistrano-resque (0.2.1)
      capistrano
      resque
      resque-scheduler
    capistrano-rvm (0.1.1)
      capistrano (~> 3.0)
      sshkit (~> 1.2)
    capistrano3-unicorn (0.2.1)
      capistrano (~> 3.1, >= 3.1.0)
    capybara (1.1.2)
      mime-types (>= 1.16)
      nokogiri (>= 1.3.3)
      rack (>= 1.0.0)
      rack-test (>= 0.5.4)
      selenium-webdriver (~> 2.0)
      xpath (~> 0.1.4)
    celluloid (0.15.2)
      timers (~> 1.1.0)
    childprocess (0.5.3)
      ffi (~> 1.0, >= 1.0.11)
    chromedriver-helper (0.0.4)
      nokogiri
    chronic (0.6.7)
    chunky_png (1.3.4)
    ci_reporter (2.0.0)
      builder (>= 2.1.2)
    ci_reporter_cucumber (1.0.0)
      ci_reporter (~> 2.0)
      cucumber (~> 1.3.3)
    ci_reporter_rspec (1.0.0)
      ci_reporter (~> 2.0)
      rspec (>= 2.14, < 4)
    codeclimate-test-reporter (0.4.1)
      simplecov (>= 0.7.1, < 1.0.0)
    coderay (1.1.0)
    coercible (1.0.0)
      descendants_tracker (~> 0.0.1)
    colorize (0.7.3)
    columnize (0.8.9)
    crack (0.4.2)
      safe_yaml (~> 1.0.0)
    cucumber (1.3.16)
      builder (>= 2.1.2)
      diff-lcs (>= 1.1.3)
      gherkin (~> 2.12)
      multi_json (>= 1.7.5, < 2.0)
      multi_test (>= 0.1.1)
    cucumber-rails (1.4.1)
      capybara (>= 1.1.2, < 3)
      cucumber (>= 1.3.8, < 2)
      mime-types (~> 1.16)
      nokogiri (~> 1.5)
      rails (>= 3, < 5)
    curb (0.8.1)
    daemons (1.1.6)
    dalli (2.7.4)
    database_cleaner (0.7.2)
    debugger (1.6.8)
      columnize (>= 0.3.1)
      debugger-linecache (~> 1.2.0)
      debugger-ruby_core_source (~> 1.3.5)
    debugger-linecache (1.2.0)
    debugger-ruby_core_source (1.3.5)
    descendants_tracker (0.0.4)
      thread_safe (~> 0.3, >= 0.3.1)
    diff-lcs (1.2.5)
    docile (1.1.5)
    dynamic_form (1.1.4)
    equalizer (0.0.9)
    erubis (2.7.0)
    eventmachine (1.0.3)
    execjs (2.2.1)
    factory_girl (1.3.3)
    factory_girl_rails (1.0.1)
      factory_girl (~> 1.3)
      railties (>= 3.0.0)
    faker (1.6.6)
      i18n (~> 0.5)
    fakeredis (0.3.3)
      redis (~> 2.2.0)
    faraday (0.9.1)
      multipart-post (>= 1.2, < 3)
    faye-websocket (0.4.7)
      eventmachine (>= 0.12.0)
    ffi (1.2.0)
    flay (2.4.0)
      ruby_parser (~> 3.0)
      sexp_processor (~> 4.0)
    flog (4.2.1)
      ruby_parser (~> 3.1, > 3.1.0)
      sexp_processor (~> 4.4)
    formatador (0.2.5)
    gherkin (2.12.2)
      multi_json (~> 1.3)
    growl (1.0.3)
    guard (2.6.1)
      formatador (>= 0.2.4)
      listen (~> 2.7)
      lumberjack (~> 1.0)
      pry (>= 0.9.12)
      thor (>= 0.18.1)
    guard-cucumber (1.2.0)
      cucumber (>= 1.2.0)
      guard (>= 1.1.0)
    guard-redis (0.1.0)
      guard (>= 0.4.0)
      redis (~> 2.2.2)
    guard-rspec (1.2.1)
      guard (>= 1.1)
    guard-spork (1.1.0)
      guard (>= 1.1)
      spork (>= 0.8.4)
    guard-test (0.5.0)
      guard (>= 1.1.0)
      test-unit (~> 2.2)
    gyoku (1.0.0)
      builder (>= 2.1.2)
    haml (3.1.4)
    hashie (3.2.0)
    hike (1.2.3)
    hiredis (0.4.5)
    http_parser.rb (0.5.3)
    httparty (0.11.0)
      multi_json (~> 1.0)
      multi_xml (>= 0.5.2)
    httpclient (2.1.7.2)
    httpi (2.0.2)
      rack
    i18n (0.6.11)
    ice_nine (0.11.0)
    jbuilder (2.1.3)
      activesupport (>= 3.0.0, < 5)
      multi_json (~> 1.2)
    journey (1.0.4)
    json (1.7.7)
    json_spec (1.0.3)
      multi_json (~> 1.0)
      rspec (~> 2.0)
    jwt (1.0.0)
    kgio (2.9.2)
    libxml-ruby (2.4.0)
    listen (2.7.9)
      celluloid (>= 0.15.2)
      rb-fsevent (>= 0.9.3)
      rb-inotify (>= 0.9)
    lumberjack (1.0.9)
    mail (2.5.4)
      mime-types (~> 1.16)
      treetop (~> 1.4.8)
    metaclass (0.0.4)
    method_source (0.8.2)
    mime-types (1.25.1)
    mini_portile (0.6.0)
    mocha (0.13.2)
      metaclass (~> 0.0.1)
    money (5.1.1)
      i18n (~> 0.6.0)
    money-rails (0.8.1)
      activesupport (>= 3.0)
      money (~> 5.1.0)
      railties (>= 3.0)
    multi_fetch_fragments (0.0.17)
    multi_json (1.11.2)
    multi_test (0.1.1)
    multi_xml (0.5.5)
    multipart-post (2.0.0)
    mysql2 (0.3.16)
    net-scp (1.2.1)
      net-ssh (>= 2.6.5)
    net-sftp (2.1.2)
      net-ssh (>= 2.6.5)
    net-ssh (2.9.1)
    netrc (0.8.0)
    newrelic_rpm (3.9.2.239)
    nokogiri (1.6.3.1)
      mini_portile (= 0.6.0)
    nori (2.1.0)
    oauth (0.4.5)
    oauth-plugin (0.4.0.pre4)
      oauth (>= 0.4.4)
    omniauth (1.2.2)
      hashie (>= 1.2, < 4)
      rack (~> 1.0)
    omniauth_crowd (2.2.2)
      nokogiri (>= 1.4.4)
      omniauth (~> 1.0)
    parser (2.1.9)
      ast (>= 1.1, < 3.0)
      slop (~> 3.4, >= 3.4.5)
    phrase (0.4.26)
      colorize
      i18n
      json
    poltergeist (1.0.3)
      capybara (~> 1.1)
      childprocess (~> 0.3)
      faye-websocket (~> 0.4.4)
      http_parser.rb (~> 0.5.3)
      multi_json (~> 1.0)
    polyglot (0.3.5)
    pry (0.10.1)
      coderay (~> 1.1.0)
      method_source (~> 0.8.1)
      slop (~> 3.4)
    pry-doc (0.6.0)
      pry (~> 0.9)
      yard (~> 0.8)
    pry-nav (0.2.4)
      pry (>= 0.9.10, < 0.11.0)
    pry-rails (0.3.2)
      pry (>= 0.9.10)
    rabl (0.11.0)
      activesupport (>= 2.3.14)
    rack (1.4.7)
    rack-cache (1.2)
      rack (>= 0.4)
    rack-protection (1.5.3)
      rack
    rack-ssl (1.3.4)
      rack
    rack-test (0.6.2)
      rack (>= 1.0)
    rails (3.2.19)
      actionmailer (= 3.2.19)
      actionpack (= 3.2.19)
      activerecord (= 3.2.19)
      activeresource (= 3.2.19)
      activesupport (= 3.2.19)
      bundler (~> 1.0)
      railties (= 3.2.19)
    railties (3.2.19)
      actionpack (= 3.2.19)
      activesupport (= 3.2.19)
      rack-ssl (~> 1.3.2)
      rake (>= 0.8.7)
      rdoc (~> 3.4)
      thor (>= 0.14.6, < 2.0)
    rainbow (2.0.0)
    raindrops (0.13.0)
    rake (10.3.2)
    rb-fchange (0.0.6)
      ffi
    rb-fsevent (0.9.4)
    rb-inotify (0.9.5)
      ffi (>= 0.5.0)
    rdoc (3.12.2)
      json (~> 1.4)
    recurly (2.8.0.rc1)
      nokogiri (~> 1.6.0)
    redis (2.2.2)
    redis-actionpack (3.2.4)
      actionpack (~> 3.2.0)
      redis-rack (~> 1.4.4)
      redis-store (~> 1.1.4)
    redis-activesupport (3.2.5)
      activesupport (~> 3.2.0)
      redis-store (~> 1.1.0)
    redis-namespace (1.0.4)
      redis (< 3.0.0)
    redis-objects (0.5.3)
      redis (>= 2.1.1)
    redis-rack (1.4.4)
      rack (~> 1.4.0)
      redis-store (~> 1.1.4)
    redis-rails (3.2.4)
      redis-actionpack (~> 3.2.4)
      redis-activesupport (~> 3.2.4)
      redis-store (~> 1.1.4)
    redis-store (1.1.4)
      redis (>= 2.2)
    reek (1.3.8)
      rainbow (>= 1.99, < 3.0)
      ruby2ruby (>= 2.0.8, < 3.0)
      ruby_parser (~> 3.3)
      sexp_processor
    resque (1.20.0)
      multi_json (~> 1.0)
      redis-namespace (~> 1.0.2)
      sinatra (>= 0.9.2)
      vegas (~> 0.1.2)
    resque-lock-timeout (0.3.1)
      resque (>= 1.8.0)
    resque-scheduler (1.9.10)
      redis (>= 2.0.1)
      resque (>= 1.8.0, < 1.25.0)
      rufus-scheduler
    resque_unit (0.4.4)
      json (>= 1.4.6)
    rest-client (1.7.2)
      mime-types (>= 1.16, < 3.0)
      netrc (~> 0.7)
    rest-graph (1.8.0)
    rpm_contrib (2.1.7)
      newrelic_rpm (>= 3.1.1)
    rspec (2.14.0)
      rspec-core (~> 2.14.0)
      rspec-expectations (~> 2.14.0)
      rspec-mocks (~> 2.14.0)
    rspec-core (2.14.0)
    rspec-expectations (2.14.0)
      diff-lcs (>= 1.1.3, < 2.0)
    rspec-mocks (2.14.0)
    rspec-rails (2.14.0)
      actionpack (>= 3.0)
      activesupport (>= 3.0)
      railties (>= 3.0)
      rspec-core (~> 2.14.0)
      rspec-expectations (~> 2.14.0)
      rspec-mocks (~> 2.14.0)
    ruby-hmac (0.4.0)
    ruby-prof (0.15.1)
    ruby2ruby (2.1.1)
      ruby_parser (~> 3.1)
      sexp_processor (~> 4.0)
    ruby_parser (3.6.2)
      sexp_processor (~> 4.1)
    rubycritic (1.1.1)
      flay (= 2.4.0)
      flog (= 4.2.1)
      parser (~> 2.1)
      reek (= 1.3.8)
      ruby2ruby (>= 2.1.1, < 3.0)
      virtus (~> 1.0)
    rubyzip (1.1.6)
    rufus-scheduler (3.2.0)
    safe_yaml (1.0.3)
    sass (3.4.0)
    sass-rails (3.2.6)
      railties (~> 3.2.0)
      sass (>= 3.1.10)
      tilt (~> 1.3)
    savon (2.2.0)
      akami (~> 1.2.0)
      builder (>= 2.1.2)
      gyoku (~> 1.0.0)
      httpi (~> 2.0.2)
      nokogiri (>= 1.4.0)
      nori (~> 2.1.0)
      wasabi (~> 3.1.0)
    selenium-webdriver (2.42.0)
      childprocess (>= 0.5.0)
      multi_json (~> 1.0)
      rubyzip (~> 1.0)
      websocket (~> 1.0.4)
    send_nsca (0.5.0)
    sexp_processor (4.4.4)
    shoulda-matchers (2.6.2)
      activesupport (>= 3.0.0)
    simple_oauth (0.2.0)
    simplecov (0.9.0)
      docile (~> 1.1.0)
      multi_json
      simplecov-html (~> 0.8.0)
    simplecov-html (0.8.0)
    simplecov-rcov (0.2.3)
      simplecov (>= 0.4.1)
    sinatra (1.4.6)
      rack (~> 1.4)
      rack-protection (~> 1.4)
      tilt (>= 1.3, < 3)
    slop (3.6.0)
    spork (0.9.2)
    spork-testunit (0.0.8)
      spork (>= 0.6.0)
    sprockets (2.2.2)
      hike (~> 1.2)
      multi_json (~> 1.0)
      rack (~> 1.0)
      tilt (~> 1.1, != 1.3.0)
    sshkit (1.5.1)
      colorize
      net-scp (>= 1.1.2)
      net-ssh (>= 2.8.0)
    state_machine (1.1.2)
    test-unit (2.5.1)
    test_after_commit (0.2.5)
      activerecord (>= 3.2)
    thor (0.19.1)
    thread_safe (0.3.4)
    tilt (1.4.1)
    timecop (0.4.1)
    timers (1.1.0)
    treetop (1.4.15)
      polyglot
      polyglot (>= 0.3.1)
    tzinfo (0.3.46)
    tzip (0.0.4)
      activesupport (>= 2.3)
    uglifier (2.2.1)
      execjs (>= 0.3.0)
      multi_json (~> 1.0, >= 1.0.2)
    unicorn (4.8.3)
      kgio (~> 2.6)
      rack
      raindrops (~> 0.7)
    uniform_notifier (1.6.2)
    uuidtools (2.1.3)
    vcr (2.9.2)
    vegas (0.1.11)
      rack (>= 1.0.0)
    virtus (1.0.3)
      axiom-types (~> 0.1)
      coercible (~> 1.0)
      descendants_tracker (~> 0.0, >= 0.0.3)
      equalizer (~> 0.0, >= 0.0.9)
    wasabi (3.1.0)
      httpi (~> 2.0)
      nokogiri (>= 1.4.0)
    webmock (1.18.0)
      addressable (>= 2.3.6)
      crack (>= 0.3.2)
    websocket (1.0.7)
    whenever (0.7.1)
      activesupport (>= 2.3.4)
      chronic (~> 0.6.3)
    will_paginate (3.0.3)
    xpath (0.1.4)
      nokogiri (~> 1.3)
    yajl-ruby (1.2.1)
    yard (0.8.7.4)

PLATFORMS
  ruby

DEPENDENCIES
  aasm (= 3.2.0)
  acts_as_list (= 0.1.4)
  addressable
  annotate
  ar_mailer_rails3 (= 2.1.12)
  avalara!
  barby (~> 0.6.2)
  bluepill (= 0.0.60)
  bullet
  capistrano-bundler
  capistrano-rails
  capistrano-resque (~> 0.2.1)
  capistrano-rvm
  capistrano3-unicorn
  capybara (= 1.1.2)
  cellophane!
  celluloid
  chromedriver-helper (= 0.0.4)
  chunky_png (~> 1.3.4)
  ci_reporter_cucumber
  ci_reporter_rspec
  codeclimate-test-reporter
  cucumber
  cucumber-rails
  curb (= 0.8.1)
  dalli (= 2.7.4)
  database_cleaner (= 0.7.2)
  debugger
  dynamic_form (= 1.1.4)
  factory_girl_rails (= 1.0.1)
  faker
  fakeredis
  faraday (~> 0.9.0)
  ffi (= 1.2.0)
  gherkin
  growl (= 1.0.3)
  guard (>= 2.1.0)
  guard-cucumber (= 1.2.0)
  guard-redis (= 0.1.0)
  guard-rspec (= 1.2.1)
  guard-spork (= 1.1.0)
  guard-test (= 0.5.0)
  haml (= 3.1.4)
  hashie
  hiredis (= 0.4.5)
  httpclient (= 2.1.7.2)
  jbuilder
  json (= 1.7.7)
  json_spec (= 1.0.3)
  jwt
  libxml-ruby (= 2.4.0)
  mocha (= 0.13.2)
  money-rails (~> 0.8.0)
  multi_fetch_fragments
  mysql2
  net-scp
  net-sftp
  net-ssh
  newrelic_rpm
  oauth (= 0.4.5)
  oauth-plugin (= 0.4.0.pre4)
  omniauth (>= 1.0.0)
  omniauth_crowd
  phrase
  pickle!
  poltergeist
  pry
  pry-doc
  pry-nav
  pry-rails
  rabl
  radius-client!
  rails (= 3.2.19)
  rake
  rb-fchange
  rb-fsevent
  rb-inotify
  recurly (= 2.8.0.rc1)
  redis (= 2.2.2)
  redis-objects
  redis-rails
  resque (= 1.20)
  resque-lock-timeout (= 0.3.1)
  resque-scheduler (~> 1.9.0)
  resque_unit (= 0.4.4)
  rest-client (~> 1.7.2)
  rest-graph (= 1.8.0)
  rpm_contrib (= 2.1.7)
  rspec
  rspec-expectations (= 2.14.0)
  rspec-mocks (= 2.14.0)
  rspec-rails (= 2.14.0)
  ruby-hmac (= 0.4.0)
  ruby-prof
  rubycritic
  sass-rails
  savon (~> 2.2.0)
  send_nsca
  shoulda-matchers
  simple_oauth (= 0.2.0)
  simplecov
  simplecov-rcov
  spork (= 0.9.2)
  spork-testunit (= 0.0.8)
  test-unit (= 2.5.1)
  test_after_commit
  timecop (= 0.4.1)
  tzip
  uglifier
  unicorn (~> 4.8.3)
  uuidtools (= 2.1.3)
  vcr
  vertex!
  webmock
  whenever (= 0.7.1)
  will_paginate (= 3.0.3)
  yajl-ruby

BUNDLED WITH
   1.14.4
